PATH
  remote: .
  specs:
    curb-fu (0.5.0)
      curb (>= 0.5.4.0)
      rack-test (>= 0.2.0)

GEM
  remote: http://rubygems.org/
  specs:
    curb (0.7.15)
    htmlentities (4.3.0)
    rack (1.3.2)
    rack-test (0.6.1)
      rack (>= 1.0)
    rspec (1.3.2)

PLATFORMS
  ruby

DEPENDENCIES
  curb-fu!
  htmlentities
  rspec (= 1.3.2)
